GEM
  remote: https://rubygems.org/
  specs:
    addressable (2.8.5)
      public_suffix (>= 2.0.2, < 6.0)
    cf-app-utils (0.6)
    cf-uaa-lib (4.0.3)
      addressable (~> 2.8, >= 2.8.0)
      httpclient (~> 2.8, >= 2.8.2.4)
      multi_json (>= 1.12.1, < 1.16)
    hashie (5.0.0)
    httpclient (2.8.3)
    multi_json (1.15.0)
    mustermann (3.0.0)
      ruby2_keywords (~> 0.0.1)
    omniauth (2.1.1)
      hashie (>= 3.4.6)
      rack (>= 2.2.3)
      rack-protection
    omniauth-uaa-oauth2 (1.1.1)
      cf-uaa-lib (>= 3.2, < 5.0)
      omniauth (>= 1, < 3)
    public_suffix (5.0.3)
    rack (2.2.8)
    rack-protection (3.1.0)
      rack (~> 2.2, >= 2.2.4)
    ruby2_keywords (0.0.5)
    sinatra (3.1.0)
      mustermann (~> 3.0)
      rack (~> 2.2, >= 2.2.4)
      rack-protection (= 3.1.0)
      tilt (~> 2.0)
    tilt (2.3.0)
    webrick (1.8.1)

PLATFORMS
  ruby

DEPENDENCIES
  cf-app-utils
  omniauth-uaa-oauth2
  sinatra
  webrick

BUNDLED WITH
   2.4.19
